GEM
  remote: https://rubygems.org/
  specs:
    ethon (0.6.2)
      ffi (>= 1.3.0)
      mime-types (~> 1.18)
    ffi (1.9.3)
    haml (4.0.4)
      tilt
    json (1.8.1)
    mime-types (1.23)
    rack (1.5.2)
    sinatra (1.1.0)
      rack (~> 1.1)
      tilt (~> 1.1)
    tilt (1.4.1)
    typhoeus (0.6.7)
      ethon (~> 0.6.2)

PLATFORMS
  ruby

DEPENDENCIES
  haml
  json
  sinatra (= 1.1.0)
  typhoeus
